GEM
  remote: https://rubygems.org/
  specs:
    childprocess (0.5.9)
      ffi (~> 1.0, >= 1.0.11)
    ffi (1.9.10)
    multi_json (1.11.2)
    rubyzip (1.1.7)
    selenium-webdriver (2.51.0)
      childprocess (~> 0.5)
      multi_json (~> 1.0)
      rubyzip (~> 1.0)
      websocket (~> 1.0)
    slack-notifier (1.5.1)
    websocket (1.2.2)

PLATFORMS
  ruby

DEPENDENCIES
  selenium-webdriver
  slack-notifier

BUNDLED WITH
   1.11.2
